GEM
  remote: https://rubygems.org/
  specs:
    breakpoint (2.5.0)
      sass (~> 3.3)
      sassy-maps (< 1.0.0)
    chunky_png (1.3.4)
    compass (1.0.3)
      chunky_png (~> 1.2)
      compass-core (~> 1.0.2)
      compass-import-once (~> 1.0.5)
      rb-fsevent (>= 0.9.3)
      rb-inotify (>= 0.9)
      sass (>= 3.3.13, < 3.5)
    compass-core (1.0.3)
      multi_json (~> 1.0)
      sass (>= 3.3.0, < 3.5)
    compass-import-once (1.0.5)
      sass (>= 3.2, < 3.5)
    ffi (1.9.8)
    multi_json (1.11.0)
    oily_png (1.1.2)
      chunky_png (~> 1.3.1)
    rainbow (2.0.0)
    rb-fsevent (0.9.4)
    rb-inotify (0.9.5)
      ffi (>= 0.5.0)
    sass (3.4.13)
    sass-globbing (1.1.1)
      sass (>= 3.1)
    sassy-maps (0.4.0)
      sass (~> 3.3)
    scss-lint (0.37.0)
      rainbow (~> 2.0)
      sass (~> 3.4.1)
    zen-grids (2.0.0.beta.3)
      sass (~> 3.3)

PLATFORMS
  ruby

DEPENDENCIES
  breakpoint (~> 2.5.0)
  bundler (~> 1.8)
  compass (~> 1.0)
  compass-import-once (~> 1.0)
  oily_png (~> 1.1)
  sass (~> 3.4)
  sass-globbing (~> 1.1)
  scss-lint (~> 0.33)
  zen-grids (>= 2.0.0.beta.3)
